GEM
  remote: https://rubygems.org/
  specs:
    backticks (1.0.0)
    chunky_png (1.3.7)
    compass (1.0.3)
      chunky_png (~> 1.2)
      compass-core (~> 1.0.2)
      compass-import-once (~> 1.0.5)
      rb-fsevent (>= 0.9.3)
      rb-inotify (>= 0.9)
      sass (>= 3.3.13, < 3.5)
    compass-core (1.0.3)
      multi_json (~> 1.0)
      sass (>= 3.3.0, < 3.5)
    compass-import-once (1.0.5)
      sass (>= 3.2, < 3.5)
    docker-compose (1.0.3)
      backticks (~> 1.0)
    docker-sync (0.1.4)
      docker-compose (~> 1.0, >= 1.0.2)
      gem_update_checker (~> 0.2.0, >= 0.2.0)
      terminal-notifier (= 1.6.3)
      thor (~> 0.19, >= 0.19.0)
    ffi (1.9.14)
    gem_update_checker (0.2.0)
    multi_json (1.12.1)
    rb-fsevent (0.9.7)
    rb-inotify (0.9.7)
      ffi (>= 0.5.0)
    sass (3.4.15)
    terminal-notifier (1.6.3)
    thor (0.19.1)
    zen-grids (1.4)
      sass (>= 3.1)

PLATFORMS
  ruby

DEPENDENCIES
  compass (= 1.0.3)
  docker-sync
  sass (= 3.4.15)
  zen-grids (= 1.4)

BUNDLED WITH
   1.12.5
